GEM
  remote: http://rubygems.org/
  specs:
    color (1.4.1)
    color_namer (0.1.0)
      color (>= 1.4.1)
    git (1.2.5)
    jeweler (1.6.2)
      bundler (~> 1.0)
      git (>= 1.2.5)
      rake
    rake (0.9.2)
    rcov (0.9.9)
    rmagick (2.13.1)
    shoulda (2.11.3)

PLATFORMS
  ruby

DEPENDENCIES
  bundler (~> 1.0.0)
  color_namer (>= 0.1.0)
  jeweler (~> 1.6.2)
  rcov
  rmagick (= 2.13.1)
  shoulda
